GEM
  remote: https://rubygems.org/
  specs:
    addressable (2.3.4)
    em-http-request (0.3.0)
      addressable (>= 2.0.0)
      escape_utils
      eventmachine (>= 0.12.9)
    escape_utils (0.2.3)
    eventmachine (1.0.3)
    eventmachine_httpserver (0.2.1)

PLATFORMS
  ruby

DEPENDENCIES
  em-http-request
  eventmachine
  eventmachine_httpserver
